PATH
  remote: .
  specs:
    attribute_choices (1.0.2)
      activerecord
      activesupport

GEM
  remote: http://rubygems.org/
  specs:
    activemodel (3.2.15)
      activesupport (= 3.2.15)
      builder (~> 3.0.0)
    activerecord (3.2.15)
      activemodel (= 3.2.15)
      activesupport (= 3.2.15)
      arel (~> 3.0.2)
      tzinfo (~> 0.3.29)
    activesupport (3.2.15)
      i18n (~> 0.6, >= 0.6.4)
      multi_json (~> 1.0)
    arel (3.0.3)
    builder (3.0.4)
    i18n (0.6.5)
    multi_json (1.8.2)
    rake (10.1.0)
    sqlite3 (1.3.5)
    tzinfo (0.3.38)

PLATFORMS
  ruby

DEPENDENCIES
  attribute_choices!
  rake
  sqlite3 (= 1.3.5)
